GEM
  remote: http://rubygems.org/
  specs:
    addressable (2.4.0)
    byebug (8.2.2)
    faraday (0.9.2)
      multipart-post (>= 1.2, < 3)
    koala (2.4.0)
      addressable
      faraday
      multi_json (>= 1.3.0)
    multi_json (1.12.1)
    multipart-post (2.0.0)
    rack (1.6.4)
    rack-protection (1.5.3)
      rack
    shotgun (0.9.2)
      rack (>= 1.0)
    sinatra (1.4.7)
      rack (~> 1.5)
      rack-protection (~> 1.4)
      tilt (>= 1.3, < 3)
    tilt (2.0.5)

PLATFORMS
  ruby

DEPENDENCIES
  byebug
  koala (~> 2.2)
  shotgun
  sinatra
